GEM
  remote: https://rubygems.org/
  specs:
    daemons (1.2.3)
    eventmachine (1.0.8)
    faye-websocket (0.10.2)
      eventmachine (>= 0.12.0)
      websocket-driver (>= 0.5.1)
    rack (1.6.4)
    thin (1.6.4)
      daemons (~> 1.0, >= 1.0.9)
      eventmachine (~> 1.0, >= 1.0.4)
      rack (~> 1.0)
    websocket (1.2.2)
    websocket-driver (0.6.3)
      websocket-extensions (>= 0.1.0)
    websocket-eventmachine-base (1.1.1)
      eventmachine (~> 1.0)
      websocket (~> 1.0)
      websocket-native (~> 1.0)
    websocket-eventmachine-server (1.0.1)
      websocket-eventmachine-base (~> 1.0)
    websocket-extensions (0.1.2)
    websocket-native (1.0.0)

PLATFORMS
  ruby

DEPENDENCIES
  faye-websocket
  thin
  websocket-eventmachine-server

BUNDLED WITH
   1.10.6
